GEM
  remote: https://rubygems.org/
  specs:
    bundler-audit (0.9.0.1)
      bundler (>= 1.2.0, < 3)
      thor (~> 1.0)
    cgi (0.3.0)
    date (3.1.1)
    diff-lcs (1.4.4)
    docile (1.4.0)
    erb (2.2.3)
      cgi
    git (1.9.1)
      rchardet (~> 1.8)
    io-wait (0.2.0)
    json (2.5.1)
    net-http (0.2.0)
      net-protocol
      uri
    net-protocol (0.1.2)
      io-wait
      timeout
    rchardet (1.8.0)
    rspec (3.7.0)
      rspec-core (~> 3.7.0)
      rspec-expectations (~> 3.7.0)
      rspec-mocks (~> 3.7.0)
    rspec-core (3.7.1)
      rspec-support (~> 3.7.0)
    rspec-expectations (3.7.0)
      diff-lcs (>= 1.2.0, < 2.0)
      rspec-support (~> 3.7.0)
    rspec-mocks (3.7.0)
      diff-lcs (>= 1.2.0, < 2.0)
      rspec-support (~> 3.7.0)
    rspec-support (3.7.1)
    simplecov (0.21.2)
      docile (~> 1.1)
      simplecov-html (~> 0.11)
      simplecov_json_formatter (~> 0.1)
    simplecov-html (0.12.3)
    simplecov_json_formatter (0.1.3)
    thor (1.1.0)
    timeout (0.2.0)
    uri (0.11.0)
    uuidtools (2.2.0)

PLATFORMS
  x64-mingw32
  x86_64-darwin-20
  x86_64-linux

DEPENDENCIES
  bundler (~> 2.2)
  bundler-audit (~> 0.9.0.1)
  date (~> 3.1.0)
  erb (~> 2.2.0)
  git (~> 1.9)
  json (~> 2.5.1)
  net-http (~> 0.2.0)
  rspec (~> 3.7.0)
  simplecov
  uuidtools (~> 2.2)

RUBY VERSION
   ruby 3.0.2p107

BUNDLED WITH
   2.2.30
