GEM
  remote: https://rubygems.org/
  specs:
    bundler-audit (0.9.0.1)
      bundler (>= 1.2.0, < 3)
      thor (~> 1.0)
    cgi (0.3.2)
    date (3.2.2)
    diff-lcs (1.5.0)
    docile (1.4.0)
    erb (2.2.3)
      cgi
    git (1.10.2)
      rchardet (~> 1.8)
    json (2.6.1)
    rchardet (1.8.0)
    rspec (3.11.0)
      rspec-core (~> 3.11.0)
      rspec-expectations (~> 3.11.0)
      rspec-mocks (~> 3.11.0)
    rspec-core (3.11.0)
      rspec-support (~> 3.11.0)
    rspec-expectations (3.11.0)
      diff-lcs (>= 1.2.0, < 2.0)
      rspec-support (~> 3.11.0)
    rspec-mocks (3.11.0)
      diff-lcs (>= 1.2.0, < 2.0)
      rspec-support (~> 3.11.0)
    rspec-support (3.11.0)
    simplecov (0.21.2)
      docile (~> 1.1)
      simplecov-html (~> 0.11)
      simplecov_json_formatter (~> 0.1)
    simplecov-html (0.12.3)
    simplecov_json_formatter (0.1.4)
    thor (1.2.1)
    uuidtools (2.2.0)

PLATFORMS
  x64-mingw32
  x86_64-darwin-20
  x86_64-linux

DEPENDENCIES
  bundler
  bundler-audit
  date
  erb
  git
  json
  rspec
  simplecov
  uuidtools

RUBY VERSION
   ruby 3.1.0

BUNDLED WITH
   2.3.8
